STORAGE: NONE
NUGET
  remote: https://www.nuget.org/api/v2
    Fable.Browser.Blob (1.0.0-alpha-001) - restriction: >= netstandard2.0
      Fable.Core (>= 2.1.0-alpha-002) - restriction: >= netstandard2.0
      FSharp.Core (>= 4.5.2) - restriction: >= netstandard2.0
    Fable.Browser.Dom (1.0.0-alpha-004)
      Fable.Browser.Blob (>= 1.0.0-alpha-001) - restriction: >= netstandard2.0
      Fable.Browser.Event (>= 1.0.0-alpha-001) - restriction: >= netstandard2.0
      Fable.Browser.WebStorage (>= 1.0.0-alpha-001) - restriction: >= netstandard2.0
      Fable.Core (>= 2.1.0-alpha-002) - restriction: >= netstandard2.0
      FSharp.Core (>= 4.5.2) - restriction: >= netstandard2.0
    Fable.Browser.Event (1.0.0-alpha-001) - restriction: >= netstandard2.0
      Fable.Core (>= 2.1.0-alpha-002) - restriction: >= netstandard2.0
      FSharp.Core (>= 4.5.2) - restriction: >= netstandard2.0
    Fable.Browser.WebStorage (1.0.0-alpha-001) - restriction: >= netstandard2.0
      Fable.Browser.Event (>= 1.0.0-alpha-001) - restriction: >= netstandard2.0
      Fable.Core (>= 2.1.0-alpha-002) - restriction: >= netstandard2.0
      FSharp.Core (>= 4.5.2) - restriction: >= netstandard2.0
    Fable.Core (2.1.0-alpha-002)
      FSharp.Core (>= 4.5.2) - restriction: >= netstandard2.0
    Fable.Fetch (1.0)
      Fable.Core (>= 2.0.2) - restriction: >= netstandard2.0
      Fable.Import.Browser (>= 1.3) - restriction: >= netstandard2.0
      Fable.Promise (>= 1.0) - restriction: >= netstandard2.0
      FSharp.Core (>= 4.5.2) - restriction: >= netstandard2.0
    Fable.Import.Browser (1.3) - restriction: >= netstandard2.0
      Fable.Core (>= 1.3.17) - restriction: >= netstandard1.6
    Fable.Promise (1.1)
      Fable.Core (>= 2.0.2) - restriction: >= netstandard2.0
      FSharp.Core (>= 4.5.2) - restriction: >= netstandard2.0
    FSharp.Core (4.6.2) - restriction: >= netstandard2.0
    Thoth.Json (2.5)
      Fable.Core (>= 2.0) - restriction: >= netstandard2.0
      FSharp.Core (>= 4.5.2) - restriction: >= netstandard2.0
